GEM
  remote: https://rubygems.org/
  specs:
    daemons (1.2.4)
    eventmachine (1.2.0.1)
    graphite-api (0.1.6)
      eventmachine (>= 0.3.3)
      zscheduler (>= 0.0.3)
    serialport (1.3.1)
    zscheduler (0.0.6)
      eventmachine

PLATFORMS
  ruby

DEPENDENCIES
  daemons
  graphite-api
  serialport
